GIT
  remote: git://github.com/ryanb/nested_form.git
  revision: b790a362b1b79f5b171c994a5db0c7c0d5b54e69
  specs:
    nested_form (0.3.1)

GEM
  remote: https://rubygems.org/
  specs:
    aasm (3.0.14)
    actionmailer (3.2.8)
      actionpack (= 3.2.8)
      mail (~> 2.4.4)
    actionpack (3.2.8)
      activemodel (= 3.2.8)
      activesupport (= 3.2.8)
      builder (~> 3.0.0)
      erubis (~> 2.7.0)
      journey (~> 1.0.4)
      rack (~> 1.4.0)
      rack-cache (~> 1.2)
      rack-test (~> 0.6.1)
      sprockets (~> 2.1.3)
    activemodel (3.2.8)
      activesupport (= 3.2.8)
      builder (~> 3.0.0)
    activerecord (3.2.8)
      activemodel (= 3.2.8)
      activesupport (= 3.2.8)
      arel (~> 3.0.2)
      tzinfo (~> 0.3.29)
    activeresource (3.2.8)
      activemodel (= 3.2.8)
      activesupport (= 3.2.8)
    activesupport (3.2.8)
      i18n (~> 0.6)
      multi_json (~> 1.0)
    addressable (2.3.2)
    arel (3.0.2)
    bcrypt-ruby (3.0.1)
    bootstrap-sass (2.2.1.1)
      sass (~> 3.2)
    bootstrap-wysihtml5-rails (0.3.1.10)
      railties (>= 3.0)
    builder (3.0.4)
    cancan (1.6.8)
    capistrano (2.13.5)
      highline
      net-scp (>= 1.0.0)
      net-sftp (>= 2.0.0)
      net-ssh (>= 2.0.14)
      net-ssh-gateway (>= 1.1.0)
    capybara (2.0.1)
      mime-types (>= 1.16)
      nokogiri (>= 1.3.3)
      rack (>= 1.0.0)
      rack-test (>= 0.5.4)
      selenium-webdriver (~> 2.0)
      xpath (~> 1.0.0)
    carrierwave (0.7.1)
      activemodel (>= 3.2.0)
      activesupport (>= 3.2.0)
    childprocess (0.3.6)
      ffi (~> 1.0, >= 1.0.6)
    choice (0.1.6)
    coffee-rails (3.2.2)
      coffee-script (>= 2.2.0)
      railties (~> 3.2.0)
    coffee-script (2.2.0)
      coffee-script-source
      execjs
    coffee-script-source (1.4.0)
    commonjs (0.2.6)
    cucumber (1.2.1)
      builder (>= 2.1.2)
      diff-lcs (>= 1.1.3)
      gherkin (~> 2.11.0)
      json (>= 1.4.6)
    cucumber-rails (1.3.0)
      capybara (>= 1.1.2)
      cucumber (>= 1.1.8)
      nokogiri (>= 1.5.0)
    daemons (1.1.9)
    database_cleaner (0.9.1)
    devise (2.1.2)
      bcrypt-ruby (~> 3.0)
      orm_adapter (~> 0.1)
      railties (~> 3.1)
      warden (~> 1.2.1)
    diff-lcs (1.1.3)
    email_spec (1.4.0)
      launchy (~> 2.1)
      mail (~> 2.2)
    erd (0.1.6)
      nokogiri
      rails-erd (>= 0.4.5)
    erubis (2.7.0)
    eventmachine (1.0.0)
    excon (0.16.10)
    execjs (1.4.0)
      multi_json (~> 1.0)
    factory_girl (4.1.0)
      activesupport (>= 3.0.0)
    factory_girl_rails (4.1.0)
      factory_girl (~> 4.1.0)
      railties (>= 3.0.0)
    ffi (1.2.0)
    fog (1.7.0)
      builder
      excon (~> 0.14)
      formatador (~> 0.2.0)
      mime-types
      multi_json (~> 1.0)
      net-scp (~> 1.0.4)
      net-ssh (>= 2.1.3)
      nokogiri (~> 1.5.0)
      ruby-hmac
    font-awesome-sass-rails (2.0.0.0)
      railties (>= 3.1.1)
      sass-rails (>= 3.1.1)
    formatador (0.2.4)
    gherkin (2.11.5)
      json (>= 1.4.6)
    google-analytics-rails (0.0.3)
    google_visualr (2.1.5)
    gritter (1.0.2)
    haml (3.1.7)
    haml-rails (0.3.5)
      actionpack (>= 3.1, < 4.1)
      activesupport (>= 3.1, < 4.1)
      haml (~> 3.1)
      railties (>= 3.1, < 4.1)
    has_scope (0.5.1)
    highline (1.6.15)
    hike (1.2.1)
    hominid (3.0.5)
    hpricot (0.8.6)
    i18n (0.6.1)
    inherited_resources (1.3.1)
      has_scope (~> 0.5.0)
      responders (~> 0.6)
    journey (1.0.4)
    jquery-datatables-rails (1.11.2)
      jquery-rails
    jquery-fileupload-rails (0.3.5)
      actionpack (>= 3.1)
      railties (>= 3.1)
    jquery-rails (2.1.3)
      railties (>= 3.1.0, < 5.0)
      thor (~> 0.14)
    json (1.7.5)
    launchy (2.1.2)
      addressable (~> 2.3)
    less (2.0.12)
      commonjs (~> 0.2.0)
      therubyracer (~> 0.9.9)
    less-rails (2.1.8)
      actionpack (>= 3.1)
      less (~> 2.0.7)
    letter_opener (1.0.0)
      launchy (>= 2.0.4)
    libv8 (3.3.10.4)
    libwebsocket (0.1.6.1)
      websocket
    mail (2.4.4)
      i18n (>= 0.4.0)
      mime-types (~> 1.16)
      treetop (~> 1.4.8)
    metaclass (0.0.1)
    mime-types (1.19)
    mocha (0.13.0)
      metaclass (~> 0.0.1)
    multi_json (1.3.7)
    mysql (2.8.1)
    net-scp (1.0.4)
      net-ssh (>= 1.99.1)
    net-sftp (2.0.5)
      net-ssh (>= 2.0.9)
    net-ssh (2.6.2)
    net-ssh-gateway (1.1.0)
      net-ssh (>= 1.99.1)
    nifty-generators (0.4.6)
    nokogiri (1.5.5)
    orm_adapter (0.4.0)
    pg (0.14.1)
    polyamorous (0.5.0)
      activerecord (~> 3.0)
    polyglot (0.3.3)
    psych (1.3.4)
    quiet_assets (1.0.1)
      railties (~> 3.1)
    rack (1.4.1)
    rack-cache (1.2)
      rack (>= 0.4)
    rack-ssl (1.3.2)
      rack
    rack-test (0.6.2)
      rack (>= 1.0)
    rails (3.2.8)
      actionmailer (= 3.2.8)
      actionpack (= 3.2.8)
      activerecord (= 3.2.8)
      activeresource (= 3.2.8)
      activesupport (= 3.2.8)
      bundler (~> 1.0)
      railties (= 3.2.8)
    rails-erd (1.0.0)
      activerecord (>= 3.0)
      activesupport (>= 3.0)
      choice (~> 0.1.6)
      ruby-graphviz (~> 1.0.4)
    railties (3.2.8)
      actionpack (= 3.2.8)
      activesupport (= 3.2.8)
      rack-ssl (~> 1.3.2)
      rake (>= 0.8.7)
      rdoc (~> 3.4)
      thor (>= 0.14.6, < 2.0)
    rake (10.0.2)
    ransack (0.7.0)
      actionpack (~> 3.0)
      activerecord (~> 3.0)
      polyamorous (~> 0.5.0)
    rdoc (3.12)
      json (~> 1.4)
    responders (0.9.3)
      railties (~> 3.1)
    rmagick (2.13.1)
    rolify (3.2.0)
    rspec-core (2.12.0)
    rspec-expectations (2.12.0)
      diff-lcs (~> 1.1.3)
    rspec-mocks (2.12.0)
    rspec-rails (2.12.0)
      actionpack (>= 3.0)
      activesupport (>= 3.0)
      railties (>= 3.0)
      rspec-core (~> 2.12.0)
      rspec-expectations (~> 2.12.0)
      rspec-mocks (~> 2.12.0)
    ruby-graphviz (1.0.8)
    ruby-hmac (0.4.0)
    ruby_parser (3.0.3)
    rubyzip (0.9.9)
    sass (3.2.3)
    sass-rails (3.2.5)
      railties (~> 3.2.0)
      sass (>= 3.1.10)
      tilt (~> 1.3)
    selenium-webdriver (2.26.0)
      childprocess (>= 0.2.5)
      libwebsocket (~> 0.1.3)
      multi_json (~> 1.0)
      rubyzip
    sexp_processor (4.1.2)
    simple_form (2.0.4)
      actionpack (~> 3.0)
      activemodel (~> 3.0)
    sprockets (2.1.3)
      hike (~> 1.2)
      rack (~> 1.0)
      tilt (~> 1.1, != 1.3.0)
    squeel (1.0.13)
      activerecord (~> 3.0)
      activesupport (~> 3.0)
      polyamorous (~> 0.5.0)
    therubyracer (0.9.10)
      libv8 (~> 3.3.10)
    thin (1.5.0)
      daemons (>= 1.0.9)
      eventmachine (>= 0.12.6)
      rack (>= 1.0.0)
    thor (0.16.0)
    tilt (1.3.3)
    treetop (1.4.12)
      polyglot
      polyglot (>= 0.3.1)
    twitter-bootstrap-rails (2.1.6)
      actionpack (>= 3.1)
      execjs
      railties (>= 3.1)
    tzinfo (0.3.35)
    uglifier (1.3.0)
      execjs (>= 0.3.0)
      multi_json (~> 1.0, >= 1.0.2)
    warden (1.2.1)
      rack (>= 1.0)
    websocket (1.0.4)
    will_paginate (3.0.3)
    xpath (1.0.0)
      nokogiri (~> 1.3)

PLATFORMS
  ruby

DEPENDENCIES
  aasm
  bcrypt-ruby (~> 3.0.0)
  bootstrap-sass (>= 2.1.1.0)
  bootstrap-wysihtml5-rails
  bundler
  cancan (>= 1.6.8)
  capistrano
  capybara (>= 1.1.3)
  carrierwave
  coffee-rails (~> 3.2.1)
  cucumber-rails (>= 1.3.0)
  database_cleaner (>= 0.9.1)
  devise (>= 2.1.2)
  email_spec (>= 1.4.0)
  erd
  factory_girl_rails (>= 4.1.0)
  fog
  font-awesome-sass-rails
  google-analytics-rails
  google_visualr (>= 2.1.2)
  gritter
  haml (>= 3.1.7)
  haml-rails (>= 0.3.5)
  hominid (>= 3.0.5)
  hpricot (>= 0.8.6)
  i18n
  inherited_resources
  jquery-datatables-rails (>= 1.11.2)
  jquery-fileupload-rails
  jquery-rails
  launchy (>= 2.1.2)
  less-rails
  letter_opener
  mocha
  mysql (= 2.8.1)
  nested_form!
  nifty-generators (>= 0.4.6)
  pg
  psych (>= 1.3)
  quiet_assets (>= 1.0.1)
  rack
  rails (= 3.2.8)
  rails-erd
  rake
  ransack
  responders
  rmagick
  rolify (>= 3.2.0)
  rspec-rails (>= 2.11.4)
  ruby_parser (>= 3.0.1)
  sass-rails (~> 3.2.3)
  sexp_processor (~> 4.1)
  simple_form (>= 2.0.4)
  squeel
  therubyracer
  thin
  twitter-bootstrap-rails
  uglifier (>= 1.0.3)
  will_paginate (~> 3.0)
